GEM
  remote: https://rubygems.org/
  specs:
    byebug (6.0.2)
    puma (2.13.4)
    rack (1.6.4)
    rack-protection (1.5.3)
      rack
    ruby-fann (1.2.6)
    sinatra (1.4.6)
      rack (~> 1.4)
      rack-protection (~> 1.4)
      tilt (>= 1.3, < 3)
    sinatra-cross_origin (0.3.2)
    tilt (2.0.1)

PLATFORMS
  ruby

DEPENDENCIES
  byebug
  puma
  ruby-fann
  sinatra
  sinatra-cross_origin (~> 0.3.1)
